GEM
  remote: https://rubygems.org/
  specs:
    foreman (0.87.0)
    nio4r (2.5.2)
    puma (4.3.1)
      nio4r (~> 2.0)
    rack (2.2.2)
    rack-proxy (0.6.5)
      rack
    rack-reverse-proxy (0.12.0)
      rack (>= 1.0.0)
      rack-proxy (~> 0.6, >= 0.6.1)

PLATFORMS
  ruby

DEPENDENCIES
  foreman
  puma
  rack-reverse-proxy

RUBY VERSION
   ruby 2.6.3p62

BUNDLED WITH
   1.17.2
