GEM
  remote: https://rubygems.org/
  specs:
    dotenv (0.11.1)
      dotenv-deployment (~> 0.0.2)
    dotenv-deployment (0.0.2)
    foreman (0.75.0)
      dotenv (~> 0.11.1)
      thor (~> 0.19.1)
    rack (1.5.2)
    rack-reverse-proxy (0.4.4)
      rack (>= 1.0.0)
    thor (0.19.1)

PLATFORMS
  ruby

DEPENDENCIES
  foreman
  rack-reverse-proxy
