GEM
  remote: https://rubygems.org/
  specs:
    foreman (0.87.0)
    nio4r (2.5.8)
    puma (4.3.12)
      nio4r (~> 2.0)
    rack (3.0.4.2)
    rack-proxy (0.6.5)
      rack
    rack-reverse-proxy (0.12.0)
      rack (>= 1.0.0)
      rack-proxy (~> 0.6, >= 0.6.1)

PLATFORMS
  ruby

DEPENDENCIES
  foreman
  puma
  rack-reverse-proxy

RUBY VERSION
   ruby 2.7.0p0

BUNDLED WITH
   2.1.4
